GEM
  remote: http://rubygems.org/
  specs:
    awesome_print (1.1.0)
    curb (0.8.3)
    json (1.7.6)

PLATFORMS
  ruby

DEPENDENCIES
  awesome_print
  curb
  json
