PATH
  remote: .
  specs:
    formstack (0.0.1)
      activesupport (>= 2.3.17)
      awesome_print
      bundler
      curb
      json

GEM
  remote: https://rubygems.org/
  specs:
    activesupport (3.2.13)
      i18n (= 0.6.1)
      multi_json (~> 1.0)
    addressable (2.3.3)
    awesome_print (1.1.0)
    bourne (1.4.0)
      mocha (~> 0.13.2)
    crack (0.3.2)
    curb (0.8.3)
    diff-lcs (1.2.1)
    fakeweb (1.3.0)
    i18n (0.6.1)
    json (1.7.7)
    metaclass (0.0.1)
    mocha (0.13.3)
      metaclass (~> 0.0.1)
    multi_json (1.7.2)
    rspec (2.13.0)
      rspec-core (~> 2.13.0)
      rspec-expectations (~> 2.13.0)
      rspec-mocks (~> 2.13.0)
    rspec-core (2.13.1)
    rspec-expectations (2.13.0)
      diff-lcs (>= 1.1.3, < 2.0)
    rspec-mocks (2.13.0)
    shoulda (3.4.0)
      shoulda-context (~> 1.0, >= 1.0.1)
      shoulda-matchers (~> 1.0, >= 1.4.1)
    shoulda-context (1.0.2)
    shoulda-matchers (1.5.5)
      activesupport (>= 3.0.0)
      bourne (~> 1.3)
    webmock (1.11.0)
      addressable (>= 2.2.7)
      crack (>= 0.3.2)

PLATFORMS
  ruby

DEPENDENCIES
  fakeweb
  formstack!
  rspec
  shoulda
  webmock
